GEM
  remote: https://rubygems.org/
  specs:
    ProMotion (2.4.2)
      methadone (~> 1.7)
      motion_print (~> 1.0)
    ProMotion-map (0.7.0)
      ProMotion (~> 2.0)
    RedAlert (1.1)
      ruby_motion_query (>= 1.3.4)
    activesupport (3.2.21)
      i18n (~> 0.6, >= 0.6.4)
      multi_json (~> 1.0)
    bubble-wrap (1.8.0)
    claide (0.8.1)
    cocoapods (0.37.2)
      activesupport (>= 3.2.15)
      claide (~> 0.8.1)
      cocoapods-core (= 0.37.2)
      cocoapods-downloader (~> 0.9.0)
      cocoapods-plugins (~> 0.4.2)
      cocoapods-trunk (~> 0.6.1)
      cocoapods-try (~> 0.4.5)
      colored (~> 1.2)
      escape (~> 0.0.4)
      molinillo (~> 0.2.3)
      nap (~> 0.8)
      xcodeproj (~> 0.24.2)
    cocoapods-core (0.37.2)
      activesupport (>= 3.2.15)
      fuzzy_match (~> 2.0.4)
      nap (~> 0.8.0)
    cocoapods-downloader (0.9.0)
    cocoapods-plugins (0.4.2)
      nap
    cocoapods-trunk (0.6.1)
      nap (>= 0.8)
      netrc (= 0.7.8)
    cocoapods-try (0.4.5)
    colored (1.2)
    escape (0.0.4)
    fuzzy_match (2.0.4)
    i18n (0.7.0)
    methadone (1.9.0)
      bundler
    molinillo (0.2.3)
    motion-cocoapods (1.7.1)
      cocoapods (>= 0.34)
    motion_print (1.1.2)
    multi_json (1.11.0)
    nap (0.8.0)
    netrc (0.7.8)
    newclear (1.1)
      reset-sim
    rake (10.4.2)
    redpotion (1.3.0)
      ProMotion (>= 2.4.2)
      RedAlert
      motion-cocoapods
      motion_print
      rake
      ruby_motion_query (>= 1.4.0)
    reset-sim (1.0)
    ruby_motion_query (1.5.0)
    xcodeproj (0.24.2)
      activesupport (>= 3)
      colored (~> 1.2)

PLATFORMS
  ruby

DEPENDENCIES
  ProMotion-map (~> 0.3)
  bubble-wrap
  motion-cocoapods
  newclear
  rake
  redpotion
